PATH
  remote: .
  specs:
    calco (0.1.3)
      rubyzip (~> 1.1.0)

GEM
  remote: https://rubygems.org/
  specs:
    diff-lcs (1.2.4)
    rspec (2.14.1)
      rspec-core (~> 2.14.0)
      rspec-expectations (~> 2.14.0)
      rspec-mocks (~> 2.14.0)
    rspec-core (2.14.7)
    rspec-expectations (2.14.3)
      diff-lcs (>= 1.1.3, < 2.0)
    rspec-mocks (2.14.4)
    rubyzip (1.1.0)

PLATFORMS
  ruby

DEPENDENCIES
  calco!
  rspec
